GEM
  remote: https://rubygems.org/
  specs:
    diff-lcs (1.3)
    dotenv (2.6.0)
    milight-easybulb (1.0.0)
    mqtt (0.5.0)
    multipart-post (2.0.0)
    net-ping (2.0.5)
    rspec (3.8.0)
      rspec-core (~> 3.8.0)
      rspec-expectations (~> 3.8.0)
      rspec-mocks (~> 3.8.0)
    rspec-core (3.8.0)
      rspec-support (~> 3.8.0)
    rspec-expectations (3.8.2)
      diff-lcs (>= 1.2.0, < 2.0)
      rspec-support (~> 3.8.0)
    rspec-mocks (3.8.0)
      diff-lcs (>= 1.2.0, < 2.0)
      rspec-support (~> 3.8.0)
    rspec-support (3.8.0)

PLATFORMS
  ruby

DEPENDENCIES
  dotenv (~> 2.6)
  milight-easybulb (~> 1.0)
  mqtt (~> 0.5)
  multipart-post
  net-ping
  rspec

BUNDLED WITH
   1.17.2
